PATH
  remote: .
  specs:
    beardley (0.1.1)
      rjb (= 1.4.6)

GEM
  remote: https://rubygems.org/
  specs:
    colorize (0.5.8)
    coveralls (0.6.4)
      colorize
      multi_json (~> 1.3)
      rest-client
      simplecov (>= 0.7)
      thor
    mime-types (1.22)
    multi_json (1.7.2)
    rake (10.0.4)
    rest-client (1.6.7)
      mime-types (>= 1.16)
    rjb (1.4.6)
    simplecov (0.7.1)
      multi_json (~> 1.0)
      simplecov-html (~> 0.7.1)
    simplecov-html (0.7.1)
    thor (0.18.1)

PLATFORMS
  ruby

DEPENDENCIES
  beardley!
  bundler (> 1)
  coveralls (>= 0.6)
  rake (>= 10)
